GEM
  remote: http://rubygems.org/
  specs:
    actionmailer (2.3.8)
      actionpack (= 2.3.8)
    actionpack (2.3.8)
      activesupport (= 2.3.8)
      rack (~> 1.1.0)
    activerecord (2.3.8)
      activesupport (= 2.3.8)
    activeresource (2.3.8)
      activesupport (= 2.3.8)
    activesupport (2.3.8)
    acts_as_indexed (0.6.3)
    authlogic (2.1.5)
      activesupport
    builder (2.1.2)
    capybara (0.3.9)
      culerity (>= 0.2.4)
      mime-types (>= 1.16)
      nokogiri (>= 1.3.3)
      rack (>= 1.0.0)
      rack-test (>= 0.5.4)
      selenium-webdriver (>= 0.0.3)
    compass (0.10.5)
      haml (>= 3.0.4)
    configuration (1.1.0)
    crack (0.1.8)
    cucumber (0.8.5)
      builder (~> 2.1.2)
      diff-lcs (~> 1.1.2)
      gherkin (~> 2.1.4)
      json_pure (~> 1.4.3)
      term-ansicolor (~> 1.0.4)
    cucumber-rails (0.3.2)
      cucumber (>= 0.8.0)
    culerity (0.2.12)
    database_cleaner (0.5.2)
    diff-lcs (1.1.2)
    eventbright (0.2.3)
      httparty (>= 0.5.2)
      tzinfo (>= 0.3.22)
    factory_girl (1.3.2)
    ffi (0.6.3)
      rake (>= 0.8.7)
    friendly_id (3.0.6)
      activerecord (>= 2.2)
      activesupport (>= 2.2)
    gherkin (2.1.5)
      trollop (~> 1.16.2)
    haml (3.0.18)
    hassle (0.0.1)
      haml
      rack
    hoe (2.6.2)
      rake (>= 0.8.7)
      rubyforge (>= 2.0.4)
    httparty (0.6.1)
      crack (= 0.1.8)
    json_pure (1.4.5)
    launchy (0.3.7)
      configuration (>= 0.0.5)
      rake (>= 0.8.1)
    mime-types (1.16)
    nokogiri (1.4.3.1)
    rack (1.1.0)
    rack-test (0.5.4)
      rack (>= 1.0)
    rails (2.3.8)
      actionmailer (= 2.3.8)
      actionpack (= 2.3.8)
      activerecord (= 2.3.8)
      activeresource (= 2.3.8)
      activesupport (= 2.3.8)
      rake (>= 0.8.3)
    rake (0.8.7)
    refinerycms (0.9.7.13)
    rmagick (2.12.2)
    rspec (1.3.0)
    rspec-rails (1.3.2)
      rack (>= 1.0.0)
      rspec (>= 1.3.0)
    ruby-prof (0.9.2)
    rubyforge (2.0.4)
      json_pure (>= 1.1.7)
    rubyzip (0.9.4)
    selenium-webdriver (0.0.28)
      ffi (>= 0.6.1)
      json_pure
      rubyzip
    spork (0.8.4)
    sqlite3-ruby (1.3.1)
    term-ansicolor (1.0.5)
    test-unit (1.2.3)
      hoe (>= 1.5.1)
    trollop (1.16.2)
    truncate_html (0.3.2)
    tzinfo (0.3.23)
    will_paginate (2.3.14)

PLATFORMS
  ruby

DEPENDENCIES
  acts_as_indexed (= 0.6.3)
  authlogic (= 2.1.5)
  capybara
  compass (>= 0.10.2)
  cucumber
  cucumber-rails
  database_cleaner
  eventbright (>= 0.2.2)
  factory_girl
  friendly_id (= 3.0.6)
  gherkin
  haml
  hassle
  httparty (>= 0.5.2)
  json_pure (= 1.4.5)
  launchy
  rails (= 2.3.8)
  refinerycms (= 0.9.7.13)
  rmagick (~> 2.12.0)
  rspec
  rspec-rails
  ruby-prof
  spork
  sqlite3-ruby
  test-unit (= 1.2.3)
  truncate_html (= 0.3.2)
  tzinfo (>= 0.3.22)
  will_paginate (= 2.3.14)
